GEM
  specs:
    event_stream_parser (1.0.0)
    faraday (2.12.2)
      faraday-net_http (>= 2.0, < 3.5)
      json
      logger
    faraday-multipart (1.1.0)
      multipart-post (~> 2.0)
    faraday-net_http (3.4.0)
      net-http (>= 0.5.0)
    json (2.6.3)
    logger (1.6.0)
    multipart-post (2.4.1)
    net-http (0.6.0)
      uri
    numpy (0.4.0)
      pycall (>= 1.2.0.beta1)
    pycall (1.5.2)
    ruby-openai (7.3.1)
      event_stream_parser (>= 0.3.0, < 2.0.0)
      faraday (>= 1)
      faraday-multipart (>= 1)
    ruby-spacy (0.2.3)
      numpy (~> 0.4.0)
      pycall (~> 1.5.1)
      ruby-openai
      terminal-table (~> 3.0.1)
    terminal-table (3.0.2)
      unicode-display_width (>= 1.1.1, < 3)
    unicode-display_width (2.6.0)
    uri (0.12.0)

PLATFORMS
  ruby
  x86_64-linux

DEPENDENCIES
  ruby-spacy

BUNDLED WITH
   2.6.0
